GEM
  remote: http://rubygems.org/
  specs:
    activesupport (4.2.5.1)
      i18n (~> 0.7)
      json (~> 1.7, >= 1.7.7)
      minitest (~> 5.1)
      thread_safe (~> 0.3, >= 0.3.4)
      tzinfo (~> 1.1)
    addressable (2.3.8)
    awesome_print (1.6.1)
    axiom-types (0.1.1)
      descendants_tracker (~> 0.0.4)
      ice_nine (~> 0.11.0)
      thread_safe (~> 0.3, >= 0.3.1)
    bloomfilter-rb (2.1.1)
      redis
    buftok (0.2.0)
    coderay (1.1.0)
    coercible (1.0.0)
      descendants_tracker (~> 0.0.1)
    descendants_tracker (0.0.4)
      thread_safe (~> 0.3, >= 0.3.1)
    dotenv (2.0.2)
    engtagger (0.2.0)
    equalizer (0.0.11)
    eventmachine (1.0.9.1)
    faraday (0.9.2)
      multipart-post (>= 1.2, < 3)
    faraday_middleware (0.9.2)
      faraday (>= 0.7.4, < 0.10)
    faraday_middleware-parse_oj (0.3.0)
      faraday (~> 0.9.0)
      faraday_middleware (~> 0.9.1)
      oj (~> 2.0)
    fast-stemmer (1.0.2)
    faye-websocket (0.10.3)
      eventmachine (>= 0.12.0)
      websocket-driver (>= 0.5.1)
    gingerice (1.2.2)
      addressable
      awesome_print
    giphy (2.0.2)
      faraday (~> 0.9)
      faraday_middleware (~> 0.9)
      faraday_middleware-parse_oj (~> 0.3)
      launchy (~> 2.4)
    gli (2.13.4)
    hashie (3.4.3)
    highscore (1.2.0)
      bloomfilter-rb (>= 2.1.1)
      whatlanguage (>= 1.0.0)
    htmlentities (4.3.4)
    http (0.6.4)
      http_parser.rb (~> 0.6.0)
    http_parser.rb (0.6.0)
    httparty (0.13.7)
      json (~> 1.8)
      multi_xml (>= 0.5.2)
    i18n (0.7.0)
    ice_nine (0.11.1)
    json (1.8.3)
    launchy (2.4.3)
      addressable (~> 2.3)
    memoizable (0.4.2)
      thread_safe (~> 0.3, >= 0.3.1)
    method_source (0.8.2)
    minitest (5.8.4)
    multi_xml (0.5.5)
    multipart-post (2.0.0)
    naught (1.1.0)
    oauth (0.4.7)
    oj (2.14.6)
    opensecrets (1.0.0)
      httparty (~> 0.13.3)
    pry (0.10.3)
      coderay (~> 1.1.0)
      method_source (~> 0.8.1)
      slop (~> 3.4)
    redis (3.2.2)
    rufus-scheduler (3.1.10)
    simple_oauth (0.3.1)
    slack-ruby-bot (0.6.2)
      activesupport
      faye-websocket
      giphy (~> 2.0.2)
      hashie
      slack-ruby-client (>= 0.6.0)
    slack-ruby-client (0.6.0)
      faraday
      faraday_middleware
      gli
      hashie
      json
      websocket-driver
    slop (3.6.0)
    thor (0.19.1)
    thread_safe (0.3.5)
    twitter (5.14.0)
      addressable (~> 2.3)
      buftok (~> 0.2.0)
      equalizer (~> 0.0.9)
      faraday (~> 0.9.0)
      http (~> 0.6.0)
      http_parser.rb (~> 0.6.0)
      json (~> 1.8)
      memoizable (~> 0.4.0)
      naught (~> 1.0)
      simple_oauth (~> 0.3.0)
    twitter_ebooks (3.1.2)
      engtagger
      fast-stemmer
      gingerice
      highscore
      htmlentities
      oauth
      pry
      rufus-scheduler
      twitter (= 5.14)
    tzinfo (1.2.2)
      thread_safe (~> 0.1)
    virtus (1.0.4)
      axiom-types (~> 0.1)
      coercible (~> 1.0)
      descendants_tracker (~> 0.0, >= 0.0.3)
      equalizer (~> 0.0, >= 0.0.9)
    websocket-driver (0.6.3)
      websocket-extensions (>= 0.1.0)
    websocket-extensions (0.1.2)
    whatlanguage (1.0.5)

PLATFORMS
  ruby

DEPENDENCIES
  dotenv
  opensecrets
  pry
  slack-ruby-bot
  thor
  twitter_ebooks
  virtus

BUNDLED WITH
   1.10.6
